PATH
  remote: .
  specs:
    procon_bypass_man_commander-splatoon3 (0.1.0)
      ropencv

GEM
  remote: https://rubygems.org/
  specs:
    benchmark-ips (2.12.0)
    coderay (1.1.3)
    diff-lcs (1.5.0)
    ffi (1.15.5)
    method_source (1.0.0)
    pry (0.14.2)
      coderay (~> 1.1)
      method_source (~> 1.0)
    rake (13.0.6)
    rbind (0.0.35)
      ffi (~> 1.9, >= 1.9.0)
    ropencv (0.0.38)
      ffi (>= 1.9.0)
      rbind (>= 0.0.35)
    rspec (3.11.0)
      rspec-core (~> 3.11.0)
      rspec-expectations (~> 3.11.0)
      rspec-mocks (~> 3.11.0)
    rspec-core (3.11.0)
      rspec-support (~> 3.11.0)
    rspec-expectations (3.11.0)
      diff-lcs (>= 1.2.0, < 2.0)
      rspec-support (~> 3.11.0)
    rspec-mocks (3.11.1)
      diff-lcs (>= 1.2.0, < 2.0)
      rspec-support (~> 3.11.0)
    rspec-support (3.11.0)

PLATFORMS
  arm64-darwin-21

DEPENDENCIES
  benchmark-ips
  bundler
  procon_bypass_man_commander-splatoon3!
  pry
  rake
  rspec

BUNDLED WITH
   2.2.22
